PATH
  remote: .
  specs:
    datadoge (0.1.2)
      dogstatsd-ruby (>= 3)
      gem_config (~> 0)

GEM
  remote: https://rubygems.org/
  specs:
    dogstatsd-ruby (3.0.0)
    gem_config (0.3.1)
    rake (0.9.6)

PLATFORMS
  ruby

DEPENDENCIES
  bundler (~> 1.6)
  datadoge!
  rake (~> 0)

BUNDLED WITH
   1.15.1
